PATH
  remote: ../../geo_deluge
  specs:
    geo_deluge (0.1.0)
      typhoeus (~> 1.1)

GEM
  remote: https://rubygems.org/
  specs:
    ethon (0.10.1)
      ffi (>= 1.3.0)
    ffi (1.9.18)
    typhoeus (1.3.0)
      ethon (>= 0.9.0)

PLATFORMS
  ruby

DEPENDENCIES
  geo_deluge!
